STORAGE: NONE
RESTRICTION: || (== net5.0) (== net6.0)
NUGET
  remote: https://api.nuget.org/v3/index.json
    altcover (8.2.830)
    Argu (6.1.1)
      FSharp.Core (>= 4.3.2)
      System.Configuration.ConfigurationManager (>= 4.4)
    Expecto (9.0.4)
      FSharp.Core (>= 4.6)
      Mono.Cecil (>= 0.11.3)
    Expecto.FsCheck (9.0.4)
      Expecto (>= 9.0.4)
      FsCheck (>= 2.14.3)
    FsCheck (2.16.3)
      FSharp.Core (>= 4.2.3)
    FSharp.Control.AsyncSeq (3.2.1)
      FSharp.Core (>= 4.7.2)
      Microsoft.Bcl.AsyncInterfaces (>= 5.0)
    FSharp.Core (6.0.1)
    Microsoft.Bcl.AsyncInterfaces (6.0)
    Microsoft.CodeCoverage (17.1.0-preview-20211109-03)
    Microsoft.NET.Test.Sdk (17.1.0-preview-20211109-03)
      Microsoft.CodeCoverage (>= 17.1.0-preview-20211109-03)
      Microsoft.TestPlatform.TestHost (>= 17.1.0-preview-20211109-03)
    Microsoft.TestPlatform.ObjectModel (17.1.0-preview-20211109-03)
      NuGet.Frameworks (>= 5.11)
      System.Reflection.Metadata (>= 1.6)
    Microsoft.TestPlatform.TestHost (17.1.0-preview-20211109-03)
      Microsoft.TestPlatform.ObjectModel (>= 17.1.0-preview-20211109-03)
      Newtonsoft.Json (>= 9.0.1)
    Microsoft.Win32.SystemEvents (6.0)
    Mono.Cecil (0.11.4)
    Newtonsoft.Json (13.0.1)
    NuGet.Frameworks (6.0)
    Serilog (2.10)
    Serilog.Sinks.Console (4.0.1)
      Serilog (>= 2.10)
    Serilog.Sinks.SpectreConsole (0.1.1)
      FSharp.Core (>= 5.0)
      Serilog (>= 2.10)
      Spectre.Console (>= 0.38)
    Spectre.Console (0.42)
      Wcwidth (>= 0.2)
    System.Collections.Immutable (6.0)
      System.Memory (>= 4.5.4) - restriction: || (== net5.0) (&& (== net6.0) (>= net461))
      System.Runtime.CompilerServices.Unsafe (>= 6.0)
    System.Configuration.ConfigurationManager (6.0)
      System.Security.Cryptography.ProtectedData (>= 6.0)
      System.Security.Permissions (>= 6.0)
    System.Drawing.Common (6.0)
      Microsoft.Win32.SystemEvents (>= 6.0)
    System.Memory (4.5.4) - restriction: || (== net5.0) (&& (== net6.0) (>= net461))
    System.Reactive (5.0)
    System.Reactive.Linq (5.0)
      System.Reactive (>= 5.0)
      System.Threading.Tasks.Extensions (>= 4.5.4)
    System.Reflection.Metadata (6.0)
      System.Collections.Immutable (>= 6.0)
    System.Runtime.CompilerServices.Unsafe (6.0)
    System.Security.AccessControl (6.0)
      System.Security.Principal.Windows (>= 5.0) - restriction: || (== net5.0) (&& (== net6.0) (>= net461))
    System.Security.Cryptography.ProtectedData (6.0)
      System.Memory (>= 4.5.4) - restriction: == net5.0
    System.Security.Permissions (6.0)
      System.Security.AccessControl (>= 6.0)
      System.Windows.Extensions (>= 6.0)
    System.Security.Principal.Windows (5.0) - restriction: || (== net5.0) (&& (== net6.0) (>= net461))
    System.Threading.Tasks.Extensions (4.5.4)
    System.Windows.Extensions (6.0)
      System.Drawing.Common (>= 6.0)
    Wcwidth (0.6)
    YoloDev.Expecto.TestSdk (0.12.13)
      Expecto (>= 9.0 < 10.0)
      FSharp.Core (>= 4.6)
      System.Collections.Immutable (>= 1.5)
  remote: https://nuget.pkg.github.com/fc1943s/index.json
    FsCore (0.0.1-alpha.14)
      FSharp.Core (>= 5.0.0-prerelease)
